REDIRECTS: OFF
STORAGE: NONE
STRATEGY: MIN
CONDITION: NET48
RESTRICTION: == net48
NUGET
  remote: https://api.nuget.org/v3/index.json
    Accord (3.0.2)
    Accord.MachineLearning (3.0.2)
      Accord (>= 3.0.2)
      Accord.Math (>= 3.0.2)
      Accord.Statistics (>= 3.0.2)
    Accord.Math (3.0.2)
      Accord (>= 3.0.2)
    Accord.Neuro (3.0.2)
      Accord (>= 3.0.2)
      Accord.Math (>= 3.0.2)
    Accord.Statistics (3.0.2)
      Accord (>= 3.0.2)
      Accord.Math (>= 3.0.2)
    Argu (6.1.1)
      FSharp.Core (>= 4.3.2)
      System.Configuration.ConfigurationManager (>= 4.4)
    Azure.Core (1.25)
      Microsoft.Bcl.AsyncInterfaces (>= 1.1.1)
      System.Diagnostics.DiagnosticSource (>= 4.6)
      System.Memory.Data (>= 1.0.2)
      System.Net.Http (>= 4.3.4)
      System.Numerics.Vectors (>= 4.5)
      System.Runtime.InteropServices.RuntimeInformation (>= 4.3)
      System.Text.Encodings.Web (>= 4.7.2)
      System.Text.Json (>= 4.7.2)
      System.Threading.Tasks.Extensions (>= 4.5.4)
    BenchmarkDotNet (0.13.1)
      BenchmarkDotNet.Annotations (>= 0.13.1)
      CommandLineParser (>= 2.4.3)
      Iced (>= 1.8)
      Microsoft.CodeAnalysis.CSharp (>= 2.10)
      Microsoft.Diagnostics.NETCore.Client (>= 0.2.61701)
      Microsoft.Diagnostics.Runtime (>= 1.1.126102)
      Microsoft.Diagnostics.Tracing.TraceEvent (>= 2.0.61)
      Microsoft.DotNet.PlatformAbstractions (>= 2.1)
      Microsoft.Win32.Registry (>= 4.5)
      Perfolizer (>= 0.2.1)
      System.Management (>= 4.5)
      System.Reflection.Emit (>= 4.3)
      System.Reflection.Emit.Lightweight (>= 4.3)
      System.Threading.Tasks.Extensions (>= 4.5.2)
      System.ValueTuple (>= 4.5)
    BenchmarkDotNet.Annotations (0.13.1)
    BenchmarkDotNet.Diagnostics.Windows (0.13.1)
      BenchmarkDotNet (>= 0.13.1)
      Microsoft.Diagnostics.Tracing.TraceEvent (>= 2.0.61)
    Bundle.Microsoft.Office.Interop (15.0.4569)
    Castle.Core (5.1)
    CommandLineParser (2.9.1)
    CommonServiceLocator (2.0.2)
    ControlzEx (4.4)
      Microsoft.Xaml.Behaviors.Wpf (>= 1.1.19)
    DiffLib (2017.7.26.1241)
    DynamicData (7.12.8)
      System.Reactive (>= 5.0)
    Elastic.Clients.Elasticsearch (8.0.2)
      Elastic.Transport (>= 0.4.3)
    Elastic.Transport (0.4.3)
      Microsoft.CSharp (>= 4.7)
      System.Buffers (>= 4.5.1)
      System.Diagnostics.DiagnosticSource (>= 5.0.1)
      System.Text.Json (>= 6.0)
      System.Threading.Tasks.Extensions (>= 4.5.4)
    Elasticsearch.Net (7.17.5)
      Microsoft.CSharp (>= 4.6)
      System.Buffers (>= 4.5.1)
      System.Diagnostics.DiagnosticSource (>= 5.0)
      System.Memory (>= 4.5.4)
    Elmish (3.0.3)
      FSharp.Core (>= 4.6.2)
    Elmish.WPF (3.5.8)
      Elmish (>= 3.0.3 <= 3.99)
      FSharp.Core (>= 4.6.2)
    Fody (6.6.4)
    FSharp.Compiler.Service (42.7.101)
      FSharp.Core (7.0)
      Microsoft.Build.Framework (>= 17.4)
      Microsoft.Build.Tasks.Core (>= 17.4)
      Microsoft.Build.Utilities.Core (>= 17.4)
      System.Buffers (>= 4.5.1)
      System.Collections.Immutable (>= 6.0)
      System.Memory (>= 4.5.5)
      System.Reflection.Emit (>= 4.7)
      System.Reflection.Metadata (>= 6.0)
      System.Runtime.CompilerServices.Unsafe (>= 6.0)
    FSharp.Core (7.0)
    FsPickler (5.3.2)
      FSharp.Core (>= 4.3.2)
    GdPicture (14.2.27)
      GdPicture.runtimes.windows (14.2.27)
    GdPicture.runtimes.windows (14.2.27)
    Google.Api.CommonProtos (2.5)
      Google.Protobuf (>= 3.18 < 4.0)
    Google.Api.Gax (4.0)
      Microsoft.Bcl.AsyncInterfaces (>= 6.0)
      Newtonsoft.Json (>= 13.0.1)
      System.ValueTuple (>= 4.5)
    Google.Api.Gax.Grpc (3.7)
      Google.Api.CommonProtos (>= 2.5)
      Google.Api.Gax (>= 3.7)
      Google.Apis.Auth (>= 1.55 < 2.0)
      Grpc.Auth (>= 2.41 < 3.0)
      Grpc.Core.Api (>= 2.41 < 3.0)
    Google.Api.Gax.Grpc.GrpcCore (3.7)
      Google.Api.Gax.Grpc (>= 3.7)
      Grpc.Core (>= 2.41 < 3.0)
    Google.Api.Gax.Rest (4.0)
      Google.Api.Gax (>= 4.0)
      Google.Apis.Auth (>= 1.57 < 2.0)
      Microsoft.Extensions.DependencyInjection.Abstractions (>= 6.0)
    Google.Apis (1.57)
      Google.Apis.Core (>= 1.57)
    Google.Apis.Auth (1.57)
      Google.Apis (>= 1.57)
      Google.Apis.Core (>= 1.57)
    Google.Apis.Core (1.57)
      Newtonsoft.Json (>= 13.0.1)
    Google.Apis.Storage.v1 (1.57.0.2742)
      Google.Apis (>= 1.57)
      Google.Apis.Auth (>= 1.57)
    Google.Cloud.Storage.V1 (4.1)
      Google.Api.Gax.Rest (>= 4.0 < 5.0)
      Google.Apis.Storage.v1 (>= 1.57.0.2742 < 2.0)
    Google.Cloud.Vision.V1 (2.5)
      Google.Api.Gax.Grpc.GrpcCore (>= 3.7 < 4.0)
      Google.LongRunning (>= 2.3 < 3.0)
      Grpc.Core (>= 2.41 < 3.0)
    Google.LongRunning (2.3)
      Google.Api.Gax.Grpc.GrpcCore (>= 3.5 < 4.0)
      Grpc.Core (>= 2.38.1 < 3.0)
    Google.Protobuf (3.21.5)
      System.Memory (>= 4.5.3)
    Grpc.Auth (2.41)
      Google.Apis.Auth (>= 1.46)
      Grpc.Core.Api (>= 2.41)
    Grpc.Core (2.41)
      Grpc.Core.Api (>= 2.41)
      System.Memory (>= 4.5.3)
    Grpc.Core.Api (2.41)
      System.Memory (>= 4.5.3)
    Handlebars.Net (2.1.2)
      System.ValueTuple (>= 4.5)
    Iced (1.8)
    J2N (2.0)
    LightGBM (2.3.1)
    linq2db (4.3)
      Microsoft.Bcl.AsyncInterfaces (>= 6.0)
    linq2db.SQLite (4.3)
      linq2db (>= 4.3)
      System.Data.SQLite.Core (>= 1.0.116)
    Lucene.Net (4.8.0-beta00016)
      J2N (>= 2.0)
      Microsoft.Extensions.Configuration.Abstractions (>= 1.1.2)
      Prism.Core (>= 7.2.0.1422)
    Lucene.Net.Analysis.Common (4.8.0-beta00016)
      Lucene.Net (>= 4.8.0-beta00016)
    Lucene.Net.Facet (4.8.0-beta00016)
      Lucene.Net.Join (>= 4.8.0-beta00016)
      Lucene.Net.Queries (>= 4.8.0-beta00016)
    Lucene.Net.Grouping (4.8.0-beta00016)
      Lucene.Net (>= 4.8.0-beta00016)
      Lucene.Net.Queries (>= 4.8.0-beta00016)
    Lucene.Net.Join (4.8.0-beta00016)
      Lucene.Net.Grouping (>= 4.8.0-beta00016)
    Lucene.Net.Queries (4.8.0-beta00016)
      Lucene.Net (>= 4.8.0-beta00016)
    Lucene.Net.QueryParser (4.8.0-beta00016)
      Lucene.Net.Analysis.Common (>= 4.8.0-beta00016)
      Lucene.Net.Queries (>= 4.8.0-beta00016)
      Lucene.Net.Sandbox (>= 4.8.0-beta00016)
    Lucene.Net.Sandbox (4.8.0-beta00016)
      Lucene.Net (>= 4.8.0-beta00016)
    MahApps.Metro (2.4.9)
      ControlzEx (>= 4.4 < 6.0)
    Microsoft.AspNetCore.Antiforgery (2.1.1)
      Microsoft.AspNetCore.DataProtection (>= 2.1.1)
      Microsoft.AspNetCore.Http.Abstractions (>= 2.1.1)
      Microsoft.AspNetCore.Http.Extensions (>= 2.1.1)
      Microsoft.AspNetCore.WebUtilities (>= 2.1.1)
      Microsoft.Extensions.ObjectPool (>= 2.1.1)
    Microsoft.AspNetCore.Authentication (2.1.2)
      Microsoft.AspNetCore.Authentication.Core (>= 2.1.1)
      Microsoft.AspNetCore.DataProtection (>= 2.1.1)
      Microsoft.AspNetCore.Http (>= 2.1.1)
      Microsoft.AspNetCore.Http.Extensions (>= 2.1.1)
      Microsoft.Extensions.Logging.Abstractions (>= 2.1.1)
      Microsoft.Extensions.Options (>= 2.1.1)
      Microsoft.Extensions.WebEncoders (>= 2.1.1)
    Microsoft.AspNetCore.Authentication.Abstractions (2.1.1)
      Microsoft.AspNetCore.Http.Abstractions (>= 2.1.1)
      Microsoft.Extensions.Logging.Abstractions (>= 2.1.1)
      Microsoft.Extensions.Options (>= 2.1.1)
    Microsoft.AspNetCore.Authentication.Cookies (2.1.34)
      Microsoft.AspNetCore.Authentication (>= 2.1.2)
    Microsoft.AspNetCore.Authentication.Core (2.1.1)
      Microsoft.AspNetCore.Authentication.Abstractions (>= 2.1.1)
      Microsoft.AspNetCore.Http (>= 2.1.1)
      Microsoft.AspNetCore.Http.Extensions (>= 2.1.1)
    Microsoft.AspNetCore.Authentication.JwtBearer (2.1.30)
      Microsoft.AspNetCore.Authentication (>= 2.1.2)
      Microsoft.IdentityModel.Protocols.OpenIdConnect (>= 5.2)
    Microsoft.AspNetCore.Authorization (2.1.1)
      Microsoft.Extensions.Logging.Abstractions (>= 2.1.1)
      Microsoft.Extensions.Options (>= 2.1.1)
    Microsoft.AspNetCore.Authorization.Policy (2.1.1)
      Microsoft.AspNetCore.Authentication.Abstractions (>= 2.1.1)
      Microsoft.AspNetCore.Authorization (>= 2.1.1)
    Microsoft.AspNetCore.Connections.Abstractions (2.1.3)
      Microsoft.AspNetCore.Http.Features (>= 2.1.1)
      System.IO.Pipelines (>= 4.5)
    Microsoft.AspNetCore.Cors (2.1.1)
      Microsoft.AspNetCore.Http.Extensions (>= 2.1.1)
      Microsoft.Extensions.Configuration.Abstractions (>= 2.1.1)
      Microsoft.Extensions.DependencyInjection.Abstractions (>= 2.1.1)
      Microsoft.Extensions.Logging.Abstractions (>= 2.1.1)
      Microsoft.Extensions.Options (>= 2.1.1)
    Microsoft.AspNetCore.Cryptography.Internal (2.1.1)
    Microsoft.AspNetCore.DataProtection (2.1.1)
      Microsoft.AspNetCore.Cryptography.Internal (>= 2.1.1)
      Microsoft.AspNetCore.DataProtection.Abstractions (>= 2.1.1)
      Microsoft.AspNetCore.Hosting.Abstractions (>= 2.1.1)
      Microsoft.Extensions.DependencyInjection.Abstractions (>= 2.1.1)
      Microsoft.Extensions.Logging.Abstractions (>= 2.1.1)
      Microsoft.Extensions.Options (>= 2.1.1)
      Microsoft.Win32.Registry (>= 4.5)
      System.Security.Cryptography.Xml (>= 4.5)
      System.Security.Principal.Windows (>= 4.5)
    Microsoft.AspNetCore.DataProtection.Abstractions (2.1.1)
    Microsoft.AspNetCore.Diagnostics.Abstractions (2.1.1)
    Microsoft.AspNetCore.Hosting (2.1.1)
      Microsoft.AspNetCore.Hosting.Abstractions (>= 2.1.1)
      Microsoft.AspNetCore.Http (>= 2.1.1)
      Microsoft.AspNetCore.Http.Extensions (>= 2.1.1)
      Microsoft.Extensions.Configuration (>= 2.1.1)
      Microsoft.Extensions.Configuration.EnvironmentVariables (>= 2.1.1)
      Microsoft.Extensions.Configuration.FileExtensions (>= 2.1.1)
      Microsoft.Extensions.DependencyInjection (>= 2.1.1)
      Microsoft.Extensions.FileProviders.Physical (>= 2.1.1)
      Microsoft.Extensions.Hosting.Abstractions (>= 2.1.1)
      Microsoft.Extensions.Logging (>= 2.1.1)
      Microsoft.Extensions.Options (>= 2.1.1)
      System.Diagnostics.DiagnosticSource (>= 4.5)
      System.Reflection.Metadata (>= 1.6)
    Microsoft.AspNetCore.Hosting.Abstractions (2.1.1)
      Microsoft.AspNetCore.Hosting.Server.Abstractions (>= 2.1.1)
      Microsoft.AspNetCore.Http.Abstractions (>= 2.1.1)
      Microsoft.Extensions.Hosting.Abstractions (>= 2.1.1)
    Microsoft.AspNetCore.Hosting.Server.Abstractions (2.1.1)
      Microsoft.AspNetCore.Http.Features (>= 2.1.1)
      Microsoft.Extensions.Configuration.Abstractions (>= 2.1.1)
    Microsoft.AspNetCore.Html.Abstractions (2.1.1)
      System.Text.Encodings.Web (>= 4.5)
    Microsoft.AspNetCore.Http (2.1.1)
      Microsoft.AspNetCore.Http.Abstractions (>= 2.1.1)
      Microsoft.AspNetCore.WebUtilities (>= 2.1.1)
      Microsoft.Extensions.ObjectPool (>= 2.1.1)
      Microsoft.Extensions.Options (>= 2.1.1)
      Microsoft.Net.Http.Headers (>= 2.1.1)
    Microsoft.AspNetCore.Http.Abstractions (2.1.1)
      Microsoft.AspNetCore.Http.Features (>= 2.1.1)
      System.Text.Encodings.Web (>= 4.5)
    Microsoft.AspNetCore.Http.Extensions (2.1.1)
      Microsoft.AspNetCore.Http.Abstractions (>= 2.1.1)
      Microsoft.Extensions.FileProviders.Abstractions (>= 2.1.1)
      Microsoft.Net.Http.Headers (>= 2.1.1)
      System.Buffers (>= 4.5)
    Microsoft.AspNetCore.Http.Features (2.1.1)
      Microsoft.Extensions.Primitives (>= 2.1.1)
    Microsoft.AspNetCore.HttpOverrides (2.1.1)
      Microsoft.AspNetCore.Http.Extensions (>= 2.1.1)
      Microsoft.Extensions.Logging.Abstractions (>= 2.1.1)
      Microsoft.Extensions.Options (>= 2.1.1)
    Microsoft.AspNetCore.JsonPatch (2.1.1)
      Microsoft.CSharp (>= 4.5)
      Newtonsoft.Json (>= 11.0.2)
    Microsoft.AspNetCore.Localization (2.1.1)
      Microsoft.AspNetCore.Http.Extensions (>= 2.1.1)
      Microsoft.Extensions.Localization.Abstractions (>= 2.1.1)
      Microsoft.Extensions.Logging.Abstractions (>= 2.1.1)
      Microsoft.Extensions.Options (>= 2.1.1)
    Microsoft.AspNetCore.Mvc (2.1.3)
      Microsoft.AspNetCore.Mvc.ApiExplorer (>= 2.1.3)
      Microsoft.AspNetCore.Mvc.Cors (>= 2.1.3)
      Microsoft.AspNetCore.Mvc.DataAnnotations (>= 2.1.3)
      Microsoft.AspNetCore.Mvc.Formatters.Json (>= 2.1.3)
      Microsoft.AspNetCore.Mvc.Localization (>= 2.1.3)
      Microsoft.AspNetCore.Mvc.Razor.Extensions (>= 2.1.1)
      Microsoft.AspNetCore.Mvc.RazorPages (>= 2.1.3)
      Microsoft.AspNetCore.Mvc.TagHelpers (>= 2.1.3)
      Microsoft.AspNetCore.Mvc.ViewFeatures (>= 2.1.3)
      Microsoft.AspNetCore.Razor.Design (>= 2.1.1)
      Microsoft.Extensions.Caching.Memory (>= 2.1.1)
      Microsoft.Extensions.DependencyInjection (>= 2.1.1)
    Microsoft.AspNetCore.Mvc.Abstractions (2.1.3)
      Microsoft.AspNetCore.Routing.Abstractions (>= 2.1.1)
      Microsoft.Net.Http.Headers (>= 2.1.1)
    Microsoft.AspNetCore.Mvc.ApiExplorer (2.1.3)
      Microsoft.AspNetCore.Mvc.Core (>= 2.1.3)
    Microsoft.AspNetCore.Mvc.Core (2.1.3)
      Microsoft.AspNetCore.Authentication.Core (>= 2.1.1)
      Microsoft.AspNetCore.Authorization.Policy (>= 2.1.1)
      Microsoft.AspNetCore.Hosting.Abstractions (>= 2.1.1)
      Microsoft.AspNetCore.Http (>= 2.1.1)
      Microsoft.AspNetCore.Http.Extensions (>= 2.1.1)
      Microsoft.AspNetCore.Mvc.Abstractions (>= 2.1.3)
      Microsoft.AspNetCore.ResponseCaching.Abstractions (>= 2.1.1)
      Microsoft.AspNetCore.Routing (>= 2.1.1)
      Microsoft.Extensions.DependencyInjection (>= 2.1.1)
      Microsoft.Extensions.DependencyModel (>= 2.1)
      Microsoft.Extensions.FileProviders.Abstractions (>= 2.1.1)
      Microsoft.Extensions.Logging.Abstractions (>= 2.1.1)
      System.Diagnostics.DiagnosticSource (>= 4.5.1)
      System.Threading.Tasks.Extensions (>= 4.5.1)
    Microsoft.AspNetCore.Mvc.Cors (2.1.3)
      Microsoft.AspNetCore.Cors (>= 2.1.1)
      Microsoft.AspNetCore.Mvc.Core (>= 2.1.3)
    Microsoft.AspNetCore.Mvc.DataAnnotations (2.1.3)
      Microsoft.AspNetCore.Mvc.Core (>= 2.1.3)
      Microsoft.Extensions.Localization (>= 2.1.1)
      System.ComponentModel.Annotations (>= 4.5)
    Microsoft.AspNetCore.Mvc.Formatters.Json (2.1.3)
      Microsoft.AspNetCore.JsonPatch (>= 2.1.1)
      Microsoft.AspNetCore.Mvc.Core (>= 2.1.3)
    Microsoft.AspNetCore.Mvc.Localization (2.1.3)
      Microsoft.AspNetCore.Localization (>= 2.1.1)
      Microsoft.AspNetCore.Mvc.Razor (>= 2.1.3)
      Microsoft.Extensions.DependencyInjection (>= 2.1.1)
      Microsoft.Extensions.Localization (>= 2.1.1)
    Microsoft.AspNetCore.Mvc.Razor (2.1.3)
      Microsoft.AspNetCore.Mvc.Razor.Extensions (>= 2.1.1)
      Microsoft.AspNetCore.Mvc.ViewFeatures (>= 2.1.3)
      Microsoft.AspNetCore.Razor.Runtime (>= 2.1.1)
      Microsoft.CodeAnalysis.CSharp (>= 2.8)
      Microsoft.CodeAnalysis.Razor (>= 2.1.1)
      Microsoft.DiaSymReader.Native (>= 1.7)
      Microsoft.Extensions.Caching.Memory (>= 2.1.1)
      Microsoft.Extensions.FileProviders.Composite (>= 2.1.1)
    Microsoft.AspNetCore.Mvc.Razor.Extensions (2.1.1)
      Microsoft.AspNetCore.Razor.Language (>= 2.1.1)
      Microsoft.CodeAnalysis.Razor (>= 2.1.1)
    Microsoft.AspNetCore.Mvc.RazorPages (2.1.3)
      Microsoft.AspNetCore.Mvc.Razor (>= 2.1.3)
    Microsoft.AspNetCore.Mvc.TagHelpers (2.1.3)
      Microsoft.AspNetCore.Mvc.Razor (>= 2.1.3)
      Microsoft.AspNetCore.Razor.Runtime (>= 2.1.1)
      Microsoft.AspNetCore.Routing.Abstractions (>= 2.1.1)
      Microsoft.Extensions.Caching.Memory (>= 2.1.1)
      Microsoft.Extensions.FileSystemGlobbing (>= 2.1.1)
      Microsoft.Extensions.Primitives (>= 2.1.1)
    Microsoft.AspNetCore.Mvc.Versioning (2.1)
      Microsoft.AspNetCore.Mvc.Core (>= 2.0)
    Microsoft.AspNetCore.Mvc.ViewFeatures (2.1.3)
      Microsoft.AspNetCore.Antiforgery (>= 2.1.1)
      Microsoft.AspNetCore.Diagnostics.Abstractions (>= 2.1.1)
      Microsoft.AspNetCore.Html.Abstractions (>= 2.1.1)
      Microsoft.AspNetCore.Mvc.Core (>= 2.1.3)
      Microsoft.AspNetCore.Mvc.DataAnnotations (>= 2.1.3)
      Microsoft.AspNetCore.Mvc.Formatters.Json (>= 2.1.3)
      Microsoft.Extensions.WebEncoders (>= 2.1.1)
      Newtonsoft.Json.Bson (>= 1.0.1)
    Microsoft.AspNetCore.Razor (2.1.1)
      Microsoft.AspNetCore.Html.Abstractions (>= 2.1.1)
    Microsoft.AspNetCore.Razor.Design (2.1.1)
    Microsoft.AspNetCore.Razor.Language (2.1.1)
    Microsoft.AspNetCore.Razor.Runtime (2.1.1)
      Microsoft.AspNetCore.Html.Abstractions (>= 2.1.1)
      Microsoft.AspNetCore.Razor (>= 2.1.1)
    Microsoft.AspNetCore.ResponseCaching.Abstractions (2.1.1)
      Microsoft.Extensions.Primitives (>= 2.1.1)
    Microsoft.AspNetCore.Routing (2.1.1)
      Microsoft.AspNetCore.Http.Extensions (>= 2.1.1)
      Microsoft.AspNetCore.Routing.Abstractions (>= 2.1.1)
      Microsoft.Extensions.Logging.Abstractions (>= 2.1.1)
      Microsoft.Extensions.ObjectPool (>= 2.1.1)
      Microsoft.Extensions.Options (>= 2.1.1)
    Microsoft.AspNetCore.Routing.Abstractions (2.1.1)
      Microsoft.AspNetCore.Http.Abstractions (>= 2.1.1)
    Microsoft.AspNetCore.Server.IISIntegration (2.1.7)
      Microsoft.AspNetCore.Authentication.Core (>= 2.1.1)
      Microsoft.AspNetCore.Hosting.Abstractions (>= 2.1.1)
      Microsoft.AspNetCore.Http (>= 2.1.1)
      Microsoft.AspNetCore.Http.Extensions (>= 2.1.1)
      Microsoft.AspNetCore.HttpOverrides (>= 2.1.1)
      Microsoft.Extensions.Logging.Abstractions (>= 2.1.1)
      Microsoft.Extensions.Options (>= 2.1.1)
      System.Buffers (>= 4.5)
      System.IO.Pipelines (>= 4.5.3)
      System.Memory (>= 4.5.2)
      System.Numerics.Vectors (>= 4.5)
      System.Runtime.CompilerServices.Unsafe (>= 4.5.2)
      System.Security.Principal.Windows (>= 4.5.1)
    Microsoft.AspNetCore.Server.Kestrel (2.1.3)
      Microsoft.AspNetCore.Hosting (>= 2.1.1)
      Microsoft.AspNetCore.Server.Kestrel.Core (>= 2.1.3)
      Microsoft.AspNetCore.Server.Kestrel.Https (>= 2.1.3)
      Microsoft.AspNetCore.Server.Kestrel.Transport.Sockets (>= 2.1.3)
    Microsoft.AspNetCore.Server.Kestrel.Core (2.1.3)
      Microsoft.AspNetCore.Hosting.Abstractions (>= 2.1.1)
      Microsoft.AspNetCore.Server.Kestrel.Transport.Abstractions (>= 2.1.3)
      Microsoft.AspNetCore.WebUtilities (>= 2.1.1)
      Microsoft.Extensions.Configuration.Binder (>= 2.1.1)
      Microsoft.Extensions.Logging.Abstractions (>= 2.1.1)
      Microsoft.Extensions.Options (>= 2.1.1)
      Microsoft.Net.Http.Headers (>= 2.1.1)
      System.Memory (>= 4.5.1)
      System.Numerics.Vectors (>= 4.5)
      System.Runtime.CompilerServices.Unsafe (>= 4.5.1)
      System.Security.Cryptography.Cng (>= 4.5)
      System.Threading.Tasks.Extensions (>= 4.5.1)
    Microsoft.AspNetCore.Server.Kestrel.Https (2.1.3)
      Microsoft.AspNetCore.Http.Abstractions (>= 2.1.1)
      Microsoft.AspNetCore.Server.Kestrel.Core (>= 2.1.3)
    Microsoft.AspNetCore.Server.Kestrel.Transport.Abstractions (2.1.3)
      Microsoft.AspNetCore.Connections.Abstractions (>= 2.1.3)
    Microsoft.AspNetCore.Server.Kestrel.Transport.Sockets (2.1.3)
      Microsoft.AspNetCore.Hosting.Abstractions (>= 2.1.1)
      Microsoft.AspNetCore.Server.Kestrel.Transport.Abstractions (>= 2.1.3)
      Microsoft.Extensions.Options (>= 2.1.1)
    Microsoft.AspNetCore.StaticFiles (2.1)
      Microsoft.AspNetCore.Hosting.Abstractions (>= 2.1)
      Microsoft.AspNetCore.Http.Extensions (>= 2.1)
      Microsoft.Extensions.FileProviders.Abstractions (>= 2.1)
      Microsoft.Extensions.Logging.Abstractions (>= 2.1)
      Microsoft.Extensions.WebEncoders (>= 2.1)
    Microsoft.AspNetCore.WebUtilities (2.1.1)
      Microsoft.Net.Http.Headers (>= 2.1.1)
      System.Text.Encodings.Web (>= 4.5)
    Microsoft.Bcl (1.1.10)
      Microsoft.Bcl.Build (>= 1.0.14)
    Microsoft.Bcl.AsyncInterfaces (6.0)
      System.Threading.Tasks.Extensions (>= 4.5.4)
    Microsoft.Bcl.Build (1.0.14) - import_targets: false
    Microsoft.Build.Framework (17.4)
      System.Runtime.CompilerServices.Unsafe (>= 6.0)
    Microsoft.Build.Tasks.Core (17.4)
      Microsoft.Build.Framework (>= 17.4)
      Microsoft.Build.Utilities.Core (>= 17.4)
      Microsoft.IO.Redist (>= 6.0)
      Microsoft.NET.StringTools (>= 17.4)
      System.Collections.Immutable (>= 6.0)
      System.Resources.Extensions (>= 6.0)
      System.Threading.Tasks.Dataflow (>= 6.0)
    Microsoft.Build.Utilities.Core (17.4)
      Microsoft.Build.Framework (>= 17.4)
      Microsoft.IO.Redist (>= 6.0)
      Microsoft.NET.StringTools (>= 17.4)
      System.Collections.Immutable (>= 6.0)
      System.Configuration.ConfigurationManager (>= 6.0)
    Microsoft.CodeAnalysis.Analyzers (3.0)
    Microsoft.CodeAnalysis.Common (3.9)
      Microsoft.CodeAnalysis.Analyzers (>= 3.0)
      System.Collections.Immutable (>= 5.0)
      System.Memory (>= 4.5.4)
      System.Reflection.Metadata (>= 5.0)
      System.Runtime.CompilerServices.Unsafe (>= 5.0)
      System.Text.Encoding.CodePages (>= 4.5.1)
      System.Threading.Tasks.Extensions (>= 4.5.4)
    Microsoft.CodeAnalysis.CSharp (3.9)
      Microsoft.CodeAnalysis.Common (3.9)
    Microsoft.CodeAnalysis.FxCopAnalyzers (2.9.12)
      Microsoft.CodeAnalysis.VersionCheckAnalyzer (2.9.12)
      Microsoft.CodeQuality.Analyzers (2.9.12)
      Microsoft.NetCore.Analyzers (2.9.12)
      Microsoft.NetFramework.Analyzers (2.9.12)
    Microsoft.CodeAnalysis.NetAnalyzers (5.0.3)
    Microsoft.CodeAnalysis.Razor (2.1.1)
      Microsoft.AspNetCore.Razor.Language (>= 2.1.1)
      Microsoft.CodeAnalysis.Common (>= 2.8)
      Microsoft.CodeAnalysis.CSharp (>= 2.8)
      System.Runtime.InteropServices.RuntimeInformation (>= 4.3)
    Microsoft.CodeAnalysis.VersionCheckAnalyzer (2.9.12)
    Microsoft.CodeQuality.Analyzers (2.9.12)
    Microsoft.CSharp (4.7)
    Microsoft.Data.ConnectionUI (16.10.31320.204)
    Microsoft.Diagnostics.NETCore.Client (0.2.61701)
    Microsoft.Diagnostics.Runtime (1.1.126102)
    Microsoft.Diagnostics.Tracing.TraceEvent (2.0.61)
      System.Runtime.CompilerServices.Unsafe (>= 4.5.2)
    Microsoft.DiaSymReader.Native (1.7)
    Microsoft.DotNet.PlatformAbstractions (2.1)
      System.Runtime.InteropServices.RuntimeInformation (>= 4.0)
    Microsoft.Extensions.ApiDescription.Server (3.0)
    Microsoft.Extensions.Caching.Abstractions (2.1.1)
      Microsoft.Extensions.Primitives (>= 2.1.1)
    Microsoft.Extensions.Caching.Memory (2.1.1)
      Microsoft.Extensions.Caching.Abstractions (>= 2.1.1)
      Microsoft.Extensions.DependencyInjection.Abstractions (>= 2.1.1)
      Microsoft.Extensions.Options (>= 2.1.1)
    Microsoft.Extensions.Configuration (2.1.1)
      Microsoft.Extensions.Configuration.Abstractions (>= 2.1.1)
    Microsoft.Extensions.Configuration.Abstractions (2.1.1)
      Microsoft.Extensions.Primitives (>= 2.1.1)
    Microsoft.Extensions.Configuration.Binder (2.1.1)
      Microsoft.Extensions.Configuration (>= 2.1.1)
    Microsoft.Extensions.Configuration.EnvironmentVariables (2.1.1)
      Microsoft.Extensions.Configuration (>= 2.1.1)
    Microsoft.Extensions.Configuration.FileExtensions (2.1.1)
      Microsoft.Extensions.Configuration (>= 2.1.1)
      Microsoft.Extensions.FileProviders.Physical (>= 2.1.1)
    Microsoft.Extensions.Configuration.Json (2.1.1)
      Microsoft.Extensions.Configuration (>= 2.1.1)
      Microsoft.Extensions.Configuration.FileExtensions (>= 2.1.1)
      Newtonsoft.Json (>= 11.0.2)
    Microsoft.Extensions.DependencyInjection (6.0)
      Microsoft.Bcl.AsyncInterfaces (>= 6.0)
      Microsoft.Extensions.DependencyInjection.Abstractions (>= 6.0)
      System.Runtime.CompilerServices.Unsafe (>= 6.0)
      System.Threading.Tasks.Extensions (>= 4.5.4)
    Microsoft.Extensions.DependencyInjection.Abstractions (6.0)
      Microsoft.Bcl.AsyncInterfaces (>= 6.0)
      System.Threading.Tasks.Extensions (>= 4.5.4)
    Microsoft.Extensions.DependencyModel (2.1)
      Microsoft.DotNet.PlatformAbstractions (>= 2.1)
      Newtonsoft.Json (>= 9.0.1)
    Microsoft.Extensions.FileProviders.Abstractions (2.1.1)
      Microsoft.Extensions.Primitives (>= 2.1.1)
    Microsoft.Extensions.FileProviders.Composite (2.1.1)
      Microsoft.Extensions.FileProviders.Abstractions (>= 2.1.1)
    Microsoft.Extensions.FileProviders.Embedded (2.1)
      Microsoft.Extensions.FileProviders.Abstractions (>= 2.1)
    Microsoft.Extensions.FileProviders.Physical (2.1.1)
      Microsoft.Extensions.FileProviders.Abstractions (>= 2.1.1)
      Microsoft.Extensions.FileSystemGlobbing (>= 2.1.1)
    Microsoft.Extensions.FileSystemGlobbing (2.1.1)
    Microsoft.Extensions.Hosting.Abstractions (2.1.1)
      Microsoft.Extensions.Configuration.Abstractions (>= 2.1.1)
      Microsoft.Extensions.DependencyInjection.Abstractions (>= 2.1.1)
      Microsoft.Extensions.FileProviders.Abstractions (>= 2.1.1)
      Microsoft.Extensions.Logging.Abstractions (>= 2.1.1)
    Microsoft.Extensions.Http (2.1.1)
      Microsoft.Extensions.DependencyInjection.Abstractions (>= 2.1.1)
      Microsoft.Extensions.Logging (>= 2.1.1)
      Microsoft.Extensions.Options (>= 2.1.1)
    Microsoft.Extensions.Localization (2.1.1)
      Microsoft.Extensions.DependencyInjection.Abstractions (>= 2.1.1)
      Microsoft.Extensions.Localization.Abstractions (>= 2.1.1)
      Microsoft.Extensions.Logging.Abstractions (>= 2.1.1)
      Microsoft.Extensions.Options (>= 2.1.1)
    Microsoft.Extensions.Localization.Abstractions (2.1.1)
    Microsoft.Extensions.Logging (2.1.1)
      Microsoft.Extensions.Configuration.Binder (>= 2.1.1)
      Microsoft.Extensions.DependencyInjection.Abstractions (>= 2.1.1)
      Microsoft.Extensions.Logging.Abstractions (>= 2.1.1)
      Microsoft.Extensions.Options (>= 2.1.1)
    Microsoft.Extensions.Logging.Abstractions (2.1.1)
    Microsoft.Extensions.Logging.Configuration (2.1.1)
      Microsoft.Extensions.Logging (>= 2.1.1)
      Microsoft.Extensions.Options.ConfigurationExtensions (>= 2.1.1)
    Microsoft.Extensions.Logging.Console (2.1.1)
      Microsoft.Extensions.Configuration.Abstractions (>= 2.1.1)
      Microsoft.Extensions.Logging (>= 2.1.1)
      Microsoft.Extensions.Logging.Configuration (>= 2.1.1)
    Microsoft.Extensions.Logging.Debug (2.1.1)
      Microsoft.Extensions.Logging (>= 2.1.1)
    Microsoft.Extensions.ObjectPool (2.1.1)
    Microsoft.Extensions.Options (2.1.1)
      Microsoft.Extensions.DependencyInjection.Abstractions (>= 2.1.1)
      Microsoft.Extensions.Primitives (>= 2.1.1)
    Microsoft.Extensions.Options.ConfigurationExtensions (2.1.1)
      Microsoft.Extensions.Configuration.Abstractions (>= 2.1.1)
      Microsoft.Extensions.Configuration.Binder (>= 2.1.1)
      Microsoft.Extensions.DependencyInjection.Abstractions (>= 2.1.1)
      Microsoft.Extensions.Options (>= 2.1.1)
    Microsoft.Extensions.PlatformAbstractions (1.1)
      NETStandard.Library (>= 1.6.1)
    Microsoft.Extensions.Primitives (2.1.1)
      System.Memory (>= 4.5.1)
      System.Runtime.CompilerServices.Unsafe (>= 4.5.1)
    Microsoft.Extensions.WebEncoders (2.1.1)
      Microsoft.Extensions.DependencyInjection.Abstractions (>= 2.1.1)
      Microsoft.Extensions.Options (>= 2.1.1)
      System.Text.Encodings.Web (>= 4.5)
    Microsoft.Graph (4.48)
      Microsoft.Graph.Core (>= 2.0.14)
    Microsoft.Graph.Core (2.0.14)
      Azure.Core (>= 1.25)
      Microsoft.Identity.Client (>= 4.47.2)
      Microsoft.IdentityModel.Protocols.OpenIdConnect (>= 6.23.1)
      System.Diagnostics.DiagnosticSource (>= 4.7.1)
      System.Net.Http (>= 4.3.4)
      System.Net.Http.WinHttpHandler (>= 6.0.1)
      System.Text.Json (>= 6.0.6)
    Microsoft.Identity.Client (4.47.2)
      Microsoft.IdentityModel.Abstractions (>= 6.22)
    Microsoft.IdentityModel.Abstractions (6.25)
    Microsoft.IdentityModel.JsonWebTokens (6.23.1)
      Microsoft.IdentityModel.Tokens (>= 6.23.1)
      System.Text.Encoding (>= 4.3)
      System.Text.Json (>= 4.7.2)
    Microsoft.IdentityModel.Logging (6.23.1)
      Microsoft.IdentityModel.Abstractions (>= 6.23.1)
    Microsoft.IdentityModel.Protocols (6.23.1)
      Microsoft.IdentityModel.Logging (>= 6.23.1)
      Microsoft.IdentityModel.Tokens (>= 6.23.1)
    Microsoft.IdentityModel.Protocols.OpenIdConnect (6.23.1)
      Microsoft.IdentityModel.Protocols (>= 6.23.1)
      System.IdentityModel.Tokens.Jwt (>= 6.23.1)
      System.Text.Encoding (>= 4.3)
      System.Text.Json (>= 4.7.2)
    Microsoft.IdentityModel.Tokens (6.23.1)
      Microsoft.IdentityModel.Logging (>= 6.23.1)
      System.Text.Encoding (>= 4.3)
      System.Text.Json (>= 4.7.2)
    Microsoft.IO.Redist (6.0)
      System.Buffers (>= 4.5.1)
      System.Memory (>= 4.5.4)
    Microsoft.ML (2.0)
      Microsoft.ML.CpuMath (>= 2.0)
      Microsoft.ML.DataView (>= 2.0)
      Newtonsoft.Json (>= 13.0.1)
      System.CodeDom (>= 4.5)
      System.Collections.Immutable (>= 1.5)
      System.Memory (>= 4.5.3)
      System.Reflection.Emit.Lightweight (>= 4.3)
      System.Threading.Channels (>= 4.7.1)
    Microsoft.ML.AutoML (0.20)
      Microsoft.CodeAnalysis.CSharp (>= 3.9)
      Microsoft.Extensions.DependencyInjection (>= 6.0)
      Microsoft.ML (>= 2.0)
      Microsoft.ML.CpuMath (>= 2.0)
      Microsoft.ML.DnnImageFeaturizer.AlexNet (>= 0.20)
      Microsoft.ML.DnnImageFeaturizer.ResNet101 (>= 0.20)
      Microsoft.ML.DnnImageFeaturizer.ResNet18 (>= 0.20)
      Microsoft.ML.DnnImageFeaturizer.ResNet50 (>= 0.20)
      Microsoft.ML.ImageAnalytics (>= 2.0)
      Microsoft.ML.LightGbm (>= 2.0)
      Microsoft.ML.Mkl.Components (>= 2.0)
      Microsoft.ML.OnnxTransformer (>= 2.0)
      Microsoft.ML.Recommender (>= 0.20)
      Microsoft.ML.TimeSeries (>= 2.0)
      Microsoft.ML.TorchSharp (>= 0.20)
      Microsoft.ML.Vision (>= 2.0)
    Microsoft.ML.CpuMath (2.0)
      System.Memory (>= 4.5.3)
    Microsoft.ML.DataView (2.0)
      System.Collections.Immutable (>= 1.5)
      System.Memory (>= 4.5.3)
    Microsoft.ML.DnnImageFeaturizer.AlexNet (0.20)
      Microsoft.ML.OnnxTransformer (>= 2.0)
    Microsoft.ML.DnnImageFeaturizer.ResNet101 (0.20)
      Microsoft.ML.OnnxTransformer (>= 2.0)
    Microsoft.ML.DnnImageFeaturizer.ResNet18 (0.20)
      Microsoft.ML.OnnxTransformer (>= 2.0)
    Microsoft.ML.DnnImageFeaturizer.ResNet50 (0.20)
      Microsoft.ML.OnnxTransformer (>= 2.0)
    Microsoft.ML.FastTree (2.0)
      Microsoft.ML (>= 2.0)
    Microsoft.ML.ImageAnalytics (2.0)
      Microsoft.ML (>= 2.0)
      SkiaSharp (>= 2.88.3)
      SkiaSharp.NativeAssets.Linux.NoDependencies (>= 2.88.3)
      System.Buffers (>= 4.5.1)
      System.Runtime.CompilerServices.Unsafe (>= 6.0)
    Microsoft.ML.LightGbm (2.0)
      LightGBM (>= 2.3.1)
      Microsoft.ML (>= 2.0)
      Microsoft.ML.FastTree (>= 2.0)
    Microsoft.ML.Mkl.Components (2.0)
      Microsoft.ML (>= 2.0)
      Microsoft.ML.Mkl.Redist (>= 2.0)
    Microsoft.ML.Mkl.Redist (2.0)
    Microsoft.ML.OnnxRuntime.Managed (1.10)
      System.Memory (>= 4.5.3)
    Microsoft.ML.OnnxTransformer (2.0)
      Google.Protobuf (>= 3.19.6)
      Microsoft.ML (>= 2.0)
      Microsoft.ML.OnnxRuntime.Managed (>= 1.10)
    Microsoft.ML.Recommender (0.20)
      Microsoft.ML (>= 2.0)
    Microsoft.ML.TensorFlow (2.0)
      Google.Protobuf (>= 3.19.6)
      Microsoft.ML (>= 2.0)
      System.IO.FileSystem.AccessControl (>= 4.5)
      System.Security.Principal.Windows (>= 4.5)
      TensorFlow.NET (>= 0.20.1)
    Microsoft.ML.TimeSeries (2.0)
      Microsoft.ML (>= 2.0)
      Microsoft.ML.Mkl.Redist (>= 2.0)
    Microsoft.ML.Tokenizers (0.20)
      System.Text.Json (>= 6.0.1)
    Microsoft.ML.TorchSharp (0.20)
      Microsoft.ML (>= 2.0)
      Microsoft.ML.Tokenizers (>= 0.20)
      TorchSharp (>= 0.98.1)
    Microsoft.ML.Vision (2.0)
      Microsoft.ML.TensorFlow (>= 2.0)
    Microsoft.Net.Http (2.2.29)
      Microsoft.Bcl (>= 1.1.10)
      Microsoft.Bcl.Build (>= 1.0.14)
    Microsoft.Net.Http.Headers (2.1.1)
      Microsoft.Extensions.Primitives (>= 2.1.1)
      System.Buffers (>= 4.5)
    Microsoft.NET.StringTools (17.4)
      System.Memory (>= 4.5.5)
      System.Runtime.CompilerServices.Unsafe (>= 6.0)
    Microsoft.NetCore.Analyzers (2.9.12)
    Microsoft.NETCore.Platforms (1.1)
    Microsoft.NetFramework.Analyzers (2.9.12)
    Microsoft.OpenApi (1.2.3)
    Microsoft.VisualBasic (10.3)
    Microsoft.Win32.Primitives (4.3)
    Microsoft.Win32.Registry (4.5)
      System.Security.AccessControl (>= 4.5)
      System.Security.Principal.Windows (>= 4.5)
    Microsoft.WindowsAPICodePack-Core (1.1)
    Microsoft.WindowsAPICodePack-Shell (1.1)
      Microsoft.WindowsAPICodePack-Core (>= 1.1)
    Microsoft.Xaml.Behaviors.Wpf (1.1.19)
    MimeKitLite (3.4.3)
      System.Buffers (>= 4.5.1)
      System.Memory (>= 4.5.5)
      System.Runtime.CompilerServices.Unsafe (>= 6.0)
    ModernUI.WPF (1.0.9)
    Moq (4.18.2)
      Castle.Core (>= 5.1)
      System.Threading.Tasks.Extensions (>= 4.5.4)
    murmurhash-signed (1.0.3)
    MvvmLightLibs (5.4.1.1)
      CommonServiceLocator (>= 2.0.2)
    NEST (7.17.5)
      Elasticsearch.Net (>= 7.17.5)
    NETStandard.Library (1.6.1)
      Microsoft.NETCore.Platforms (>= 1.1)
      Microsoft.Win32.Primitives (>= 4.3)
      System.AppContext (>= 4.3)
      System.Collections (>= 4.3)
      System.Collections.Concurrent (>= 4.3)
      System.Console (>= 4.3)
      System.Diagnostics.Debug (>= 4.3)
      System.Diagnostics.Tools (>= 4.3)
      System.Diagnostics.Tracing (>= 4.3)
      System.Globalization (>= 4.3)
      System.Globalization.Calendars (>= 4.3)
      System.IO (>= 4.3)
      System.IO.Compression (>= 4.3)
      System.IO.Compression.ZipFile (>= 4.3)
      System.IO.FileSystem (>= 4.3)
      System.IO.FileSystem.Primitives (>= 4.3)
      System.Linq (>= 4.3)
      System.Linq.Expressions (>= 4.3)
      System.Net.Http (>= 4.3)
      System.Net.Primitives (>= 4.3)
      System.Net.Sockets (>= 4.3)
      System.ObjectModel (>= 4.3)
      System.Reflection (>= 4.3)
      System.Reflection.Extensions (>= 4.3)
      System.Reflection.Primitives (>= 4.3)
      System.Resources.ResourceManager (>= 4.3)
      System.Runtime (>= 4.3)
      System.Runtime.Extensions (>= 4.3)
      System.Runtime.Handles (>= 4.3)
      System.Runtime.InteropServices (>= 4.3)
      System.Runtime.InteropServices.RuntimeInformation (>= 4.3)
      System.Runtime.Numerics (>= 4.3)
      System.Security.Cryptography.Algorithms (>= 4.3)
      System.Security.Cryptography.Encoding (>= 4.3)
      System.Security.Cryptography.Primitives (>= 4.3)
      System.Security.Cryptography.X509Certificates (>= 4.3)
      System.Text.Encoding (>= 4.3)
      System.Text.Encoding.Extensions (>= 4.3)
      System.Text.RegularExpressions (>= 4.3)
      System.Threading (>= 4.3)
      System.Threading.Tasks (>= 4.3)
      System.Threading.Timer (>= 4.3)
      System.Xml.ReaderWriter (>= 4.3)
      System.Xml.XDocument (>= 4.3)
    Newtonsoft.Json (13.0.1)
    Newtonsoft.Json.Bson (1.0.1)
      Newtonsoft.Json (>= 10.0.1)
    NLog (5.0.4)
    NLog.Extensions.Logging (5.0.4)
      Microsoft.Extensions.Configuration.Abstractions (>= 2.1)
      Microsoft.Extensions.Logging (>= 2.1)
      NLog (>= 5.0.4)
    NLog.Targets.ElasticSearch (7.7)
      Elasticsearch.Net (>= 7.13.2)
      NEST (>= 7.13.2)
      Newtonsoft.Json (>= 12.0.3)
      NLog (>= 4.6.8)
    NLog.Targets.Splunk (3.0)
      Newtonsoft.Json (>= 12.0.3)
      NLog (>= 4.7.7)
    NSwag.Annotations (13.18)
    NumSharp.Lite (0.1.8)
      System.Memory (>= 4.5.3)
    NUnit (3.13.3)
    NUnit.ConsoleRunner (3.15.2)
    NUnit3TestAdapter (4.3.1) - copy_local: true
    PDFsharp (1.50.5147)
    Perfolizer (0.2.1)
      System.Memory (>= 4.5.3)
    Polly (7.2.3)
    Prism.Core (7.2.0.1422)
      System.ValueTuple (>= 4.5)
    protobuf-net (2.4.7)
    Protobuf.Text (0.4)
      Google.Protobuf (>= 3.11.3)
    ReactiveUI (18.4.1)
      DynamicData (>= 7.12.8)
      Splat (>= 14.5.1)
    ReactiveUI.Fody (18.4.1)
      Fody (>= 6.6.4)
      ReactiveUI (>= 18.4.1)
    ReactiveUI.Validation (3.0.22)
      ReactiveUI (>= 18.4.1)
      System.Buffers (>= 4.5.1)
    ReactiveUI.WPF (18.4.1)
      ReactiveUI (>= 18.4.1)
    SharpZipLib (1.3.3)
    SkiaSharp (2.88.3)
      SkiaSharp.NativeAssets.macOS (>= 2.88.3)
      SkiaSharp.NativeAssets.Win32 (>= 2.88.3)
      System.Memory (>= 4.5.3)
    SkiaSharp.NativeAssets.Linux.NoDependencies (2.88.3)
      SkiaSharp (>= 2.88.3)
    SkiaSharp.NativeAssets.macOS (2.88.3)
    SkiaSharp.NativeAssets.Win32 (2.88.3)
    Splat (14.5.1)
    Stub.System.Data.SQLite.Core.NetFramework (1.0.116)
    Swashbuckle.AspNetCore (5.6.3)
      Microsoft.Extensions.ApiDescription.Server (>= 3.0)
      Swashbuckle.AspNetCore.Swagger (>= 5.6.3)
      Swashbuckle.AspNetCore.SwaggerGen (>= 5.6.3)
      Swashbuckle.AspNetCore.SwaggerUI (>= 5.6.3)
    Swashbuckle.AspNetCore.Newtonsoft (5.6.3)
      Microsoft.AspNetCore.Mvc.Formatters.Json (>= 2.1)
      Swashbuckle.AspNetCore.SwaggerGen (>= 5.6.3)
    Swashbuckle.AspNetCore.Swagger (5.6.3)
      Microsoft.AspNetCore.Routing (>= 2.1)
      Microsoft.OpenApi (>= 1.2.3)
    Swashbuckle.AspNetCore.SwaggerGen (5.6.3)
      Microsoft.AspNetCore.Mvc.ApiExplorer (>= 2.1)
      Microsoft.AspNetCore.Mvc.DataAnnotations (>= 2.1)
      Swashbuckle.AspNetCore.Swagger (>= 5.6.3)
      System.Text.Json (>= 4.6)
    Swashbuckle.AspNetCore.SwaggerUI (5.6.3)
      Microsoft.AspNetCore.Routing (>= 2.1)
      Microsoft.AspNetCore.StaticFiles (>= 2.1)
      Microsoft.Extensions.FileProviders.Embedded (>= 2.1)
      System.Text.Json (>= 4.6)
    System.AppContext (4.3)
    System.Buffers (4.5.1)
    System.CodeDom (4.5)
    System.Collections (4.3)
    System.Collections.Concurrent (4.3)
    System.Collections.Immutable (6.0)
      System.Memory (>= 4.5.4)
      System.Runtime.CompilerServices.Unsafe (>= 6.0)
    System.ComponentModel.Annotations (4.5)
    System.Configuration.ConfigurationManager (6.0)
      System.Security.Permissions (>= 6.0)
    System.Console (4.3)
    System.Data.SQLite.Core (1.0.116)
      Stub.System.Data.SQLite.Core.NetFramework (1.0.116)
    System.Diagnostics.Debug (4.3)
    System.Diagnostics.DiagnosticSource (5.0.1)
      System.Memory (>= 4.5.4)
      System.Runtime.CompilerServices.Unsafe (>= 5.0)
    System.Diagnostics.Tools (4.3)
    System.Diagnostics.Tracing (4.3)
    System.Globalization (4.3)
    System.Globalization.Calendars (4.3)
    System.IdentityModel.Tokens.Jwt (6.23.1)
      Microsoft.IdentityModel.JsonWebTokens (>= 6.23.1)
      Microsoft.IdentityModel.Tokens (>= 6.23.1)
    System.IO (4.3)
    System.IO.Compression (4.3)
    System.IO.Compression.ZipFile (4.3)
    System.IO.FileSystem (4.3)
      System.IO.FileSystem.Primitives (>= 4.3)
    System.IO.FileSystem.AccessControl (4.5)
      System.Security.AccessControl (>= 4.5)
      System.Security.Principal.Windows (>= 4.5)
    System.IO.FileSystem.Primitives (4.3)
    System.IO.Pipelines (4.5.3)
      System.Buffers (>= 4.4)
      System.Memory (>= 4.5.1)
      System.Threading.Tasks.Extensions (>= 4.5.1)
    System.Linq (4.3)
    System.Linq.Expressions (4.3)
    System.Management (4.5)
    System.Memory (4.5.5)
      System.Buffers (>= 4.5.1)
      System.Numerics.Vectors (>= 4.5)
      System.Runtime.CompilerServices.Unsafe (>= 4.5.3)
    System.Memory.Data (1.0.2)
      System.Text.Encodings.Web (>= 4.7.2)
      System.Text.Json (>= 4.6)
    System.Net.Http (4.3.4)
      System.Security.Cryptography.X509Certificates (>= 4.3)
    System.Net.Http.WinHttpHandler (6.0.1)
      System.Buffers (>= 4.5.1)
      System.Memory (>= 4.5.4)
    System.Net.Primitives (4.3)
    System.Net.Sockets (4.3)
    System.Numerics.Vectors (4.5)
    System.ObjectModel (4.3)
    System.Reactive (5.0)
      System.Threading.Tasks.Extensions (>= 4.5.4)
    System.Reactive.Linq (5.0)
      System.Reactive (>= 5.0)
      System.Threading.Tasks.Extensions (>= 4.5.4)
    System.Reflection (4.3)
    System.Reflection.Emit (4.7)
    System.Reflection.Emit.Lightweight (4.3)
    System.Reflection.Extensions (4.3)
    System.Reflection.Metadata (6.0)
      System.Collections.Immutable (>= 6.0)
    System.Reflection.Primitives (4.3)
    System.Resources.Extensions (6.0)
      System.Memory (>= 4.5.4)
    System.Resources.ResourceManager (4.3)
    System.Runtime (4.3)
    System.Runtime.CompilerServices.Unsafe (6.0)
    System.Runtime.Extensions (4.3)
    System.Runtime.Handles (4.3)
    System.Runtime.InteropServices (4.3)
      System.Runtime (>= 4.3)
    System.Runtime.InteropServices.RuntimeInformation (4.3)
    System.Runtime.Numerics (4.3)
    System.Security.AccessControl (6.0)
      System.Security.Principal.Windows (>= 5.0)
    System.Security.Cryptography.Algorithms (4.3)
      System.IO (>= 4.3)
      System.Runtime (>= 4.3)
      System.Security.Cryptography.Encoding (>= 4.3)
      System.Security.Cryptography.Primitives (>= 4.3)
    System.Security.Cryptography.Cng (4.5)
    System.Security.Cryptography.Encoding (4.3)
    System.Security.Cryptography.Primitives (4.3)
    System.Security.Cryptography.X509Certificates (4.3)
      System.Security.Cryptography.Algorithms (>= 4.3)
      System.Security.Cryptography.Encoding (>= 4.3)
    System.Security.Cryptography.Xml (4.5)
      System.Security.Permissions (>= 4.5)
    System.Security.Permissions (6.0)
      System.Security.AccessControl (>= 6.0)
    System.Security.Principal.Windows (5.0)
    System.Text.Encoding (4.3)
    System.Text.Encoding.CodePages (4.5.1)
      System.Runtime.CompilerServices.Unsafe (>= 4.5.2)
    System.Text.Encoding.Extensions (4.3)
    System.Text.Encodings.Web (6.0)
      System.Buffers (>= 4.5.1)
      System.Memory (>= 4.5.4)
      System.Runtime.CompilerServices.Unsafe (>= 6.0)
    System.Text.Json (6.0.7)
      Microsoft.Bcl.AsyncInterfaces (>= 6.0)
      System.Buffers (>= 4.5.1)
      System.Memory (>= 4.5.4)
      System.Numerics.Vectors (>= 4.5)
      System.Runtime.CompilerServices.Unsafe (>= 6.0)
      System.Text.Encodings.Web (>= 6.0)
      System.Threading.Tasks.Extensions (>= 4.5.4)
      System.ValueTuple (>= 4.5)
    System.Text.RegularExpressions (4.3)
    System.Threading (4.3)
    System.Threading.Channels (4.7.1)
      System.Threading.Tasks.Extensions (>= 4.5.4)
    System.Threading.Tasks (4.3)
    System.Threading.Tasks.Dataflow (6.0)
    System.Threading.Tasks.Extensions (4.5.4)
      System.Runtime.CompilerServices.Unsafe (>= 4.5.3)
    System.Threading.Timer (4.3)
    System.ValueTuple (4.5)
    System.Xml.ReaderWriter (4.3)
    System.Xml.XDocument (4.3)
    TensorFlow.NET (0.20.1)
      Google.Protobuf (>= 3.11.4)
      NumSharp.Lite (>= 0.1.8)
      Protobuf.Text (>= 0.4)
    TorchSharp (0.98.1)
      Google.Protobuf (>= 3.21.5)
      SharpZipLib (>= 1.3.3)
      System.Memory (>= 4.5.3)
    Unquote (6.1)
      FSharp.Core (>= 4.7.2)
    YamlDotNet (6.1.2)

GROUP net6.0
REDIRECTS: OFF
STORAGE: NONE
STRATEGY: MIN
CONDITION: NET6_0
RESTRICTION: || (== net6.0) (== net6.0-windows7.0)
NUGET
  remote: https://api.nuget.org/v3/index.json
    Avalonia (0.10.18)
      Avalonia.Remote.Protocol (>= 0.10.18)
      JetBrains.Annotations (>= 10.3)
      System.ComponentModel.Annotations (>= 4.5)
      System.Memory (>= 4.5.3)
      System.Reactive (>= 5.0)
      System.Runtime.CompilerServices.Unsafe (>= 4.6)
      System.ValueTuple (>= 4.5)
    Avalonia.Angle.Windows.Natives (2.1.0.2020091801)
    Avalonia.AvaloniaEdit (0.10)
      Avalonia (>= 0.10.0-preview1)
    Avalonia.Controls.DataGrid (0.10.18)
      Avalonia (>= 0.10.18)
      Avalonia.Remote.Protocol (>= 0.10.18)
      JetBrains.Annotations (>= 10.3)
      System.Reactive (>= 5.0)
    Avalonia.Controls.TreeDataGrid (0.10.18)
      Avalonia (>= 0.10.18)
    Avalonia.Desktop (0.10.18)
      Avalonia (>= 0.10.18)
      Avalonia.Native (>= 0.10.18)
      Avalonia.Skia (>= 0.10.18)
      Avalonia.Win32 (>= 0.10.18)
      Avalonia.X11 (>= 0.10.18)
    Avalonia.FreeDesktop (0.10.18)
      Avalonia (>= 0.10.18)
      Tmds.DBus (>= 0.9)
    Avalonia.Native (0.10.18)
      Avalonia (>= 0.10.18)
    Avalonia.ReactiveUI (0.10.18)
      Avalonia (>= 0.10.18)
      ReactiveUI (>= 13.2.10)
      System.Reactive (>= 5.0)
    Avalonia.Remote.Protocol (0.10.18)
    Avalonia.Skia (0.10.18)
      Avalonia (>= 0.10.18)
      HarfBuzzSharp (>= 2.8.2.1-preview.108)
      HarfBuzzSharp.NativeAssets.Linux (>= 2.8.2.1-preview.108)
      HarfBuzzSharp.NativeAssets.WebAssembly (>= 2.8.2.1-preview.108)
      SkiaSharp (>= 2.88.1-preview.108)
      SkiaSharp.NativeAssets.Linux (>= 2.88.1-preview.108)
      SkiaSharp.NativeAssets.WebAssembly (>= 2.88.1-preview.108)
    Avalonia.Win32 (0.10.18)
      Avalonia (>= 0.10.18)
      Avalonia.Angle.Windows.Natives (>= 2.1.0.2020091801)
      System.Drawing.Common (>= 4.5)
      System.Numerics.Vectors (>= 4.5)
    Avalonia.X11 (0.10.18)
      Avalonia (>= 0.10.18)
      Avalonia.FreeDesktop (>= 0.10.18)
      Avalonia.Skia (>= 0.10.18)
    BenchmarkDotNet (0.13.5)
      BenchmarkDotNet.Annotations (>= 0.13.5)
      CommandLineParser (>= 2.4.3)
      Gee.External.Capstone (>= 2.3)
      Iced (>= 1.17)
      Microsoft.CodeAnalysis.CSharp (>= 3.0)
      Microsoft.Diagnostics.Runtime (>= 2.2.332302)
      Microsoft.Diagnostics.Tracing.TraceEvent (>= 3.0.2)
      Microsoft.DotNet.PlatformAbstractions (>= 3.1.6)
      Perfolizer (>= 0.2.1)
      System.Management (>= 6.0)
    BenchmarkDotNet.Annotations (0.13.5)
    BenchmarkDotNet.Diagnostics.Windows (0.13.5)
      BenchmarkDotNet (>= 0.13.5)
      Microsoft.Diagnostics.Tracing.TraceEvent (>= 3.0.2)
    Castle.Core (5.1)
      System.Diagnostics.EventLog (>= 6.0)
    CommandLineParser (2.4.3)
    DynamicData (7.12.8)
      System.Reactive (>= 5.0)
    Elastic.Clients.Elasticsearch (8.0.2)
      Elastic.Transport (>= 0.4.3)
    Elastic.Transport (0.4.3)
      Microsoft.CSharp (>= 4.7)
      System.Buffers (>= 4.5.1)
      System.Diagnostics.DiagnosticSource (>= 5.0.1)
      System.Text.Json (>= 6.0)
    Elasticsearch.Net (7.17.5)
      Microsoft.CSharp (>= 4.6)
      System.Buffers (>= 4.5.1)
      System.Diagnostics.DiagnosticSource (>= 5.0)
    Fody (6.6.4)
    Gee.External.Capstone (2.3)
    Handlebars.Net (2.1.2)
      Microsoft.CSharp (>= 4.7)
    HarfBuzzSharp (2.8.2.1-preview.108)
      HarfBuzzSharp.NativeAssets.macOS (>= 2.8.2.1-preview.108)
      HarfBuzzSharp.NativeAssets.Win32 (>= 2.8.2.1-preview.108)
    HarfBuzzSharp.NativeAssets.Linux (2.8.2.1-preview.108)
      HarfBuzzSharp (>= 2.8.2.1-preview.108)
    HarfBuzzSharp.NativeAssets.macOS (2.8.2.1-preview.108)
    HarfBuzzSharp.NativeAssets.WebAssembly (2.8.2.1-preview.108)
    HarfBuzzSharp.NativeAssets.Win32 (2.8.2.1-preview.108)
    Iced (1.17)
    J2N (2.0)
    JetBrains.Annotations (10.3)
      System.Runtime (>= 4.1)
    linq2db (4.3)
    linq2db.SQLite (4.3)
      linq2db (>= 4.3)
      System.Data.SQLite.Core (>= 1.0.116)
    Lucene.Net (4.8.0-beta00016)
      J2N (>= 2.0)
      Microsoft.Extensions.Configuration.Abstractions (>= 2.0)
    Lucene.Net.Analysis.Common (4.8.0-beta00016)
      Lucene.Net (>= 4.8.0-beta00016)
    Lucene.Net.Queries (4.8.0-beta00016)
      Lucene.Net (>= 4.8.0-beta00016)
    Lucene.Net.QueryParser (4.8.0-beta00016)
      Lucene.Net.Analysis.Common (>= 4.8.0-beta00016)
      Lucene.Net.Queries (>= 4.8.0-beta00016)
      Lucene.Net.Sandbox (>= 4.8.0-beta00016)
    Lucene.Net.Sandbox (4.8.0-beta00016)
      Lucene.Net (>= 4.8.0-beta00016)
    Markdown.Avalonia (0.10.11)
      Markdown.Avalonia.SyntaxHigh (>= 0.10.11)
      Markdown.Avalonia.Tight (>= 0.10.11)
    Markdown.Avalonia.SyntaxHigh (0.10.11)
      Avalonia (>= 0.10)
      Avalonia.AvaloniaEdit (>= 0.10)
      System.Collections.Immutable (>= 1.6)
    Markdown.Avalonia.Tight (0.10.11)
      Avalonia (>= 0.10)
    MessageBox.Avalonia (2.1)
      Avalonia (>= 0.10.15)
      Markdown.Avalonia (>= 0.10.11)
    Microsoft.Bcl.AsyncInterfaces (1.1)
    Microsoft.CodeAnalysis.Analyzers (2.6.2-beta2)
    Microsoft.CodeAnalysis.Common (3.0)
      Microsoft.CodeAnalysis.Analyzers (>= 2.6.2-beta2)
      System.Collections.Immutable (>= 1.5)
      System.Memory (>= 4.5.1)
      System.Reflection.Metadata (>= 1.6)
      System.Runtime.CompilerServices.Unsafe (>= 4.5)
      System.Text.Encoding.CodePages (>= 4.5)
      System.Threading.Tasks.Extensions (>= 4.5)
    Microsoft.CodeAnalysis.CSharp (3.0)
      Microsoft.CodeAnalysis.Common (3.0)
    Microsoft.CSharp (4.7)
    Microsoft.Diagnostics.NETCore.Client (0.2.251802)
      Microsoft.Bcl.AsyncInterfaces (>= 1.1)
      Microsoft.Extensions.Logging (>= 2.1.1)
    Microsoft.Diagnostics.Runtime (2.2.332302)
      Microsoft.Diagnostics.NETCore.Client (>= 0.2.251802)
      System.Collections.Immutable (>= 5.0)
      System.Runtime.CompilerServices.Unsafe (>= 5.0)
    Microsoft.Diagnostics.Tracing.TraceEvent (3.0.2)
      System.Runtime.CompilerServices.Unsafe (>= 4.5.3)
    Microsoft.DotNet.PlatformAbstractions (3.1.6)
    Microsoft.Extensions.Configuration.Abstractions (5.0)
      Microsoft.Extensions.Primitives (>= 5.0)
    Microsoft.Extensions.DependencyInjection (5.0)
      Microsoft.Extensions.DependencyInjection.Abstractions (>= 5.0)
    Microsoft.Extensions.DependencyInjection.Abstractions (5.0)
    Microsoft.Extensions.Logging (5.0)
      Microsoft.Extensions.DependencyInjection (>= 5.0)
      Microsoft.Extensions.DependencyInjection.Abstractions (>= 5.0)
      Microsoft.Extensions.Logging.Abstractions (>= 5.0)
      Microsoft.Extensions.Options (>= 5.0)
    Microsoft.Extensions.Logging.Abstractions (5.0)
    Microsoft.Extensions.Options (5.0)
      Microsoft.Extensions.DependencyInjection.Abstractions (>= 5.0)
      Microsoft.Extensions.Primitives (>= 5.0)
    Microsoft.Extensions.Primitives (5.0)
    Microsoft.NETCore.Platforms (2.0)
    Microsoft.NETCore.Targets (1.0.1)
    Microsoft.Win32.SystemEvents (4.5)
      Microsoft.NETCore.Platforms (>= 2.0)
    Moq (4.18.2)
      Castle.Core (>= 5.1)
    NEST (7.17.5)
      Elasticsearch.Net (>= 7.17.5)
    NETStandard.Library (2.0)
      Microsoft.NETCore.Platforms (>= 1.1)
    Newtonsoft.Json (13.0.1)
    NLog (5.0.4)
    NLog.Extensions.Logging (5.0.4)
      Microsoft.Extensions.Configuration.Abstractions (>= 5.0)
      Microsoft.Extensions.Logging (>= 5.0)
      NLog (>= 5.0.4)
    NLog.Targets.ElasticSearch (7.7)
      Elasticsearch.Net (>= 7.13.2)
      NEST (>= 7.13.2)
      Newtonsoft.Json (>= 12.0.3)
      NLog (>= 4.6.8)
    NLog.Targets.Splunk (3.0)
      Newtonsoft.Json (>= 12.0.3)
      NLog (>= 4.7.7)
    NUnit (3.13.3)
      NETStandard.Library (>= 2.0)
    NUnit3TestAdapter (4.3.1) - copy_local: true
    Perfolizer (0.2.1)
      System.Memory (>= 4.5.3)
    ReactiveUI (18.4.1)
      DynamicData (>= 7.12.8)
      Splat (>= 14.5.1)
    ReactiveUI.Fody (18.4.1)
      Fody (>= 6.6.4)
      ReactiveUI (>= 18.4.1)
    ReactiveUI.Validation (3.0.22)
      ReactiveUI (>= 18.4.1)
    SkiaSharp (2.88.1-preview.108)
      SkiaSharp.NativeAssets.macOS (>= 2.88.1-preview.108)
      SkiaSharp.NativeAssets.Win32 (>= 2.88.1-preview.108)
    SkiaSharp.NativeAssets.Linux (2.88.1-preview.108)
      SkiaSharp (>= 2.88.1-preview.108)
    SkiaSharp.NativeAssets.macOS (2.88.1-preview.108)
    SkiaSharp.NativeAssets.WebAssembly (2.88.1-preview.108)
    SkiaSharp.NativeAssets.Win32 (2.88.1-preview.108)
    Splat (14.5.1)
    StrongNamer (0.2.5) - copy_local: true
    Stub.System.Data.SQLite.Core.NetStandard (1.0.116)
    System.Buffers (4.5.1)
    System.CodeDom (6.0)
    System.Collections.Immutable (5.0)
    System.ComponentModel.Annotations (4.5)
    System.Data.SQLite.Core (1.0.116)
      Stub.System.Data.SQLite.Core.NetStandard (1.0.116)
    System.Diagnostics.DiagnosticSource (5.0.1)
    System.Diagnostics.EventLog (6.0)
    System.Drawing.Common (4.5)
      Microsoft.NETCore.Platforms (>= 2.0)
      Microsoft.Win32.SystemEvents (>= 4.5)
    System.Management (6.0)
      System.CodeDom (>= 6.0)
    System.Memory (4.5.3)
    System.Numerics.Vectors (4.5)
    System.Reactive (5.0)
    System.Reflection.Emit (4.7)
    System.Reflection.Metadata (1.6)
    System.Runtime (4.1)
      Microsoft.NETCore.Platforms (>= 1.0.1)
      Microsoft.NETCore.Targets (>= 1.0.1)
    System.Runtime.CompilerServices.Unsafe (6.0)
    System.Security.Principal.Windows (4.7)
    System.Text.Encoding.CodePages (4.5)
      Microsoft.NETCore.Platforms (>= 2.0)
      System.Runtime.CompilerServices.Unsafe (>= 4.5)
    System.Text.Encodings.Web (6.0)
      System.Runtime.CompilerServices.Unsafe (>= 6.0)
    System.Text.Json (6.0.7)
      System.Runtime.CompilerServices.Unsafe (>= 6.0)
      System.Text.Encodings.Web (>= 6.0)
    System.Threading.Tasks.Extensions (4.5)
    System.ValueTuple (4.5)
    Tmds.DBus (0.9)
      System.Reflection.Emit (>= 4.7)
      System.Security.Principal.Windows (>= 4.7)

GROUP netstandard2.0
STORAGE: NONE
STRATEGY: MIN
CONDITION: NETSTANDARD2_0
RESTRICTION: == netstandard2.0
NUGET
  remote: https://api.nuget.org/v3/index.json
    FSharp.Core (7.0)
    FsPickler (5.3.2)
      FSharp.Core (>= 4.3.2)
      System.Reflection.Emit.Lightweight (>= 4.3)
    Microsoft.NETCore.Platforms (1.1)
    Microsoft.NETCore.Targets (1.1)
    Newtonsoft.Json (13.0.1)
    StrongNamer (0.2.5) - copy_local: true
    System.IO (4.3)
      Microsoft.NETCore.Platforms (>= 1.1)
      Microsoft.NETCore.Targets (>= 1.1)
      System.Runtime (>= 4.3)
      System.Text.Encoding (>= 4.3)
      System.Threading.Tasks (>= 4.3)
    System.Reflection (4.3)
      Microsoft.NETCore.Platforms (>= 1.1)
      Microsoft.NETCore.Targets (>= 1.1)
      System.IO (>= 4.3)
      System.Reflection.Primitives (>= 4.3)
      System.Runtime (>= 4.3)
    System.Reflection.Emit.ILGeneration (4.3)
      System.Reflection (>= 4.3)
      System.Reflection.Primitives (>= 4.3)
      System.Runtime (>= 4.3)
    System.Reflection.Emit.Lightweight (4.3)
      System.Reflection (>= 4.3)
      System.Reflection.Emit.ILGeneration (>= 4.3)
      System.Reflection.Primitives (>= 4.3)
      System.Runtime (>= 4.3)
    System.Reflection.Primitives (4.3)
      Microsoft.NETCore.Platforms (>= 1.1)
      Microsoft.NETCore.Targets (>= 1.1)
      System.Runtime (>= 4.3)
    System.Runtime (4.3)
      Microsoft.NETCore.Platforms (>= 1.1)
      Microsoft.NETCore.Targets (>= 1.1)
    System.Text.Encoding (4.3)
      Microsoft.NETCore.Platforms (>= 1.1)
      Microsoft.NETCore.Targets (>= 1.1)
      System.Runtime (>= 4.3)
    System.Threading.Tasks (4.3)
      Microsoft.NETCore.Platforms (>= 1.1)
      Microsoft.NETCore.Targets (>= 1.1)
      System.Runtime (>= 4.3)
